GIT
  remote: https://github.com/mkroman/httparty-cookies.git
  revision: 42303325d9ddfec19e89f3e94ea6442f0dbbf3db
  ref: 42303325d9ddfec19e89f3e94ea6442f0dbbf3db
  specs:
    httparty-cookies (0.1.1)
      http-cookie
      httparty

GEM
  remote: https://rubygems.org/
  specs:
    bundler-audit (0.6.1)
      bundler (>= 1.2.0, < 3)
      thor (~> 0.18)
    domain_name (0.5.22)
      unf (>= 0.0.5, < 1.0.0)
    http-cookie (1.0.2)
      domain_name (~> 0.5)
    httparty (0.13.1)
      json (~> 1.8)
      multi_xml (>= 0.5.2)
    interpolate (0.3.0)
    json (1.8.6)
    mini_portile2 (2.4.0)
    multi_xml (0.5.5)
    nokogiri (1.10.8)
      mini_portile2 (~> 2.4.0)
    thor (0.20.3)
    unf (0.1.4)
      unf_ext
    unf_ext (0.0.6)
    where_was_i (0.0.5)
      interpolate (~> 0.3)
      nokogiri (~> 1.0)

PLATFORMS
  ruby

DEPENDENCIES
  bundler-audit
  httparty-cookies!
  where_was_i

BUNDLED WITH
   1.17.3
